GEM
  remote: https://rubygems.org/
  specs:
    backports (3.11.1)
    mail (2.7.0)
      mini_mime (>= 0.1.1)
    mini_mime (1.0.0)
    multi_json (1.13.1)
    mustermann (1.0.2)
    pony (1.12)
      mail (>= 2.0)
    rack (2.0.4)
    rack-protection (2.0.1)
      rack
    sinatra (2.0.1)
      mustermann (~> 1.0)
      rack (~> 2.0)
      rack-protection (= 2.0.1)
      tilt (~> 2.0)
    sinatra-contrib (2.0.1)
      backports (>= 2.0)
      multi_json
      mustermann (~> 1.0)
      rack-protection (= 2.0.1)
      sinatra (= 2.0.1)
      tilt (>= 1.3, < 3)
    sinatra-reloader (1.0)
      sinatra-contrib
    sqlite3 (1.3.13)
    sqlite3 (1.3.13-x64-mingw32)
    tilt (2.0.8)

PLATFORMS
  ruby
  x64-mingw32

DEPENDENCIES
  pony
  sinatra
  sinatra-reloader
  sqlite3

BUNDLED WITH
   1.16.0
